{
  "InstitutionAddress": "16 University Ave, Macquarie University, NSW 2109, Australia",
  "InstitutionName": "Macquarie “University",
  "InstitutionalDepartmentName": "School “of Psychological Sciences",
  "PowerLineFrequency": 50,
  "ManufacturersModelName": "ActiveTwo",
  "TaskName": "Touch decoding",
  "EEGReference": "CMS/DRL",
  "Manufacturer": "BIOSEMI",
  "EEGChannelCount": 64,
  "MiscChannelCount": 0,
  "RecordingType": "continuous",
  "SamplingFrequency": 2048,
  "EOGChannelCount": 0,
  "ECGChannelCount": 0,
  "EMGChannelCount": 0,
  "SoftwareFilters": "n/a"
}